GEM
  remote: http://rubygems.org/
  specs:
    RedCloth (4.2.8)
    activemodel (3.1.2)
      activesupport (= 3.1.2)
      builder (~> 3.0.0)
      i18n (~> 0.6)
    activerecord (3.1.2)
      activemodel (= 3.1.2)
      activesupport (= 3.1.2)
      arel (~> 2.2.1)
      tzinfo (~> 0.3.29)
    activesupport (3.1.2)
      multi_json (~> 1.0)
    arel (2.2.1)
    bluecloth (2.2.0)
    brianjlandau-sdoc-helpers (0.1.5)
    builder (3.0.0)
    expression_parser (0.9.0)
    git (1.2.5)
    i18n (0.6.0)
    jeweler (1.6.4)
      bundler (~> 1.0)
      git (>= 1.2.5)
      rake
    json (1.6.1)
    maruku (0.6.0)
      syntax (>= 1.0.0)
    multi_json (1.0.3)
    rake (0.9.2.2)
    rcov (0.9.11)
    rdiscount (1.6.8)
    rdoc (3.11)
      json (~> 1.4)
    redcarpet (1.17.2)
    rpeg-markdown (1.4.6)
    sdoc (0.3.16)
      json (>= 1.1.3)
      rdoc (~> 3.10)
    shoulda (2.11.3)
    sqlite3 (1.3.4)
    sqlite3-ruby (1.3.3)
      sqlite3 (>= 1.3.3)
    syntax (1.0.0)
    tzinfo (0.3.31)
    wikicloth (0.7.1)
      builder
      expression_parser
    wikitext (3.0)

PLATFORMS
  ruby

DEPENDENCIES
  RedCloth
  activerecord
  activesupport
  bluecloth
  brianjlandau-sdoc-helpers
  bundler (~> 1.0.0)
  jeweler (~> 1.6.4)
  maruku
  rcov
  rdiscount
  rdoc
  redcarpet
  rpeg-markdown
  sdoc
  shoulda
  sqlite3-ruby
  wikicloth
  wikitext
